GEM
  remote: http://rubygems.org/
  specs:
    adsf (1.0.1)
      rack (>= 1.0.0)
    awesome_print (1.0.2)
    builder (2.1.2)
    coffee-script (2.2.0)
      coffee-script-source
      execjs
    coffee-script-source (1.1.2)
    cri (2.0.2)
    deadweight (0.2.1)
      nokogiri
    execjs (1.2.9)
      multi_json (~> 1.0)
    haml (3.1.4)
    jsmin (1.0.1)
    json (1.6.6)
    kramdown (0.13.3)
    mime-types (1.16)
    multi_json (1.0.3)
    nanoc (3.2.2)
      nanoc3 (>= 3.2.2)
    nanoc-cachebuster (0.1.2)
    nanoc3 (3.2.2)
      cri (~> 2.0)
    nokogiri (1.5.0)
    rack (1.3.4)
    rainpress (1.0)
    rubypants (0.2.0)
    sass (3.1.8)
    slim (1.1.0)
      temple (~> 0.3.5)
      tilt (~> 1.3.2)
    temple (0.3.5)
    tilt (1.3.3)
    typogruby (1.0.13)
      rubypants

PLATFORMS
  ruby

DEPENDENCIES
  adsf (~> 1.0)
  awesome_print
  builder (~> 2.1)
  coffee-script
  deadweight (~> 0.2)
  haml
  jsmin (~> 1.0)
  json
  kramdown (~> 0.13)
  mime-types
  nanoc (~> 3.1)
  nanoc-cachebuster
  rack (~> 1.2)
  rainpress (~> 1.0)
  sass (~> 3.1)
  slim
  typogruby (~> 1.0)
